GEM
  remote: https://rubygems.org/
  specs:
    faraday (0.15.2)
      multipart-post (>= 1.2, < 3)
    httparty (0.16.2)
      multi_xml (>= 0.5.2)
    multi_xml (0.6.0)
    multipart-post (2.0.0)
    sentry-raven (2.7.4)
      faraday (>= 0.7.6, < 1.0)
    serialport (1.3.1)

PLATFORMS
  ruby

DEPENDENCIES
  httparty
  sentry-raven
  serialport

BUNDLED WITH
   1.16.1
